GEM
  remote: http://rubygems.org/
  specs:
    RedCloth (4.2.7)
    active_support (3.0.0)
      activesupport (= 3.0.0)
    activesupport (3.0.0)
    daemons (1.1.4)
    eventmachine (0.12.10)
    git (1.2.5)
    haml (3.1.2)
    http_router (0.5.4)
      rack (>= 1.0.0)
      url_mount (~> 0.2.1)
    i18n (0.6.0)
    mail (2.3.0)
      i18n (>= 0.4.0)
      mime-types (~> 1.16)
      treetop (~> 1.4.8)
    maruku (0.6.0)
      syntax (>= 1.0.0)
    mime-types (1.16)
    nesta (0.9.5)
      RedCloth (~> 4.2)
      haml (~> 3.1)
      maruku (>= 0.6.0)
      sass (~> 3.1)
      shotgun (>= 0.8)
      sinatra (= 1.1.2)
    padrino (0.9.22)
      padrino-admin (= 0.9.22)
      padrino-cache (= 0.9.22)
      padrino-core (= 0.9.22)
      padrino-gen (= 0.9.22)
      padrino-helpers (= 0.9.22)
      padrino-mailer (= 0.9.22)
    padrino-admin (0.9.22)
      padrino-core (= 0.9.22)
      padrino-helpers (= 0.9.22)
    padrino-cache (0.9.22)
      padrino-core (= 0.9.22)
    padrino-core (0.9.22)
      activesupport (>= 3.0.0)
      http_router (~> 0.5.4)
      sinatra (~> 1.1.0)
      thor (>= 0.14.3)
      tzinfo
    padrino-gen (0.9.22)
      bundler (>= 1.0.2)
      git
      padrino-core (= 0.9.22)
    padrino-helpers (0.9.22)
      i18n (>= 0.4.1)
      padrino-core (= 0.9.22)
    padrino-mailer (0.9.22)
      mail (>= 2.2.0)
      padrino-core (= 0.9.22)
    polyglot (0.3.1)
    rack (1.3.0)
    sass (3.1.4)
    shotgun (0.9)
      rack (>= 1.0)
    sinatra (1.1.2)
      rack (~> 1.1)
      tilt (~> 1.2)
    syntax (1.0.0)
    thin (1.2.11)
      daemons (>= 1.0.9)
      eventmachine (>= 0.12.6)
      rack (>= 1.0.0)
    thor (0.14.6)
    tilt (1.3.2)
    treetop (1.4.9)
      polyglot (>= 0.3.1)
    tzinfo (0.3.29)
    url_mount (0.2.1)
      rack

PLATFORMS
  ruby

DEPENDENCIES
  active_support
  i18n
  nesta (= 0.9.5)
  padrino
  thin
